PATH
  remote: .
  specs:
    bencodr (2.0.0)

GEM
  remote: http://rubygems.org/
  specs:
    diff-lcs (1.1.2)
    fuubar (0.0.1)
      progressbar (~> 0.9)
      rspec (~> 2.0)
      rspec-instafail (~> 0.1)
    progressbar (0.9.0)
    rspec (2.1.0)
      rspec-core (~> 2.1.0)
      rspec-expectations (~> 2.1.0)
      rspec-mocks (~> 2.1.0)
    rspec-core (2.1.0)
    rspec-expectations (2.1.0)
      diff-lcs (~> 1.1.2)
    rspec-instafail (0.1.3)
    rspec-mocks (2.1.0)

PLATFORMS
  ruby

DEPENDENCIES
  bencodr!
  bundler (>= 1.0.0)
  fuubar (>= 0.0.1)
  rspec (~> 2.1.0)
